GEM
  remote: https://rubygems.org/
  specs:
    addressable (2.8.4)
      public_suffix (>= 2.0.2, < 6.0)
    ast (2.4.2)
    builder (3.2.4)
    canister (0.9.2)
    coderay (1.1.3)
    concurrent-ruby (1.2.2)
    date_named_file (0.1.1)
    diff-lcs (1.5.0)
    docile (1.4.0)
    domain_name (0.5.20190701)
      unf (>= 0.0.5, < 1.0.0)
    dot-properties (0.1.4)
      bundler (>= 2.2.33)
    dotenv (2.8.1)
    faraday (2.7.5)
      faraday-net_http (>= 2.0, < 3.1)
      ruby2_keywords (>= 0.0.4)
    faraday-net_http (3.0.2)
    ffi (1.15.5)
    ffi (1.15.5-java)
    ffi-compiler (1.0.1)
      ffi (>= 1.0.0)
      rake
    hashie (5.0.0)
    http-2-next (0.5.1)
    http (5.1.1)
      addressable (~> 2.8)
      http-cookie (~> 1.0)
      http-form_data (~> 2.2)
      llhttp-ffi (~> 0.4.0)
    http-cookie (1.0.5)
      domain_name (~> 0.5)
    http-form_data (2.3.0)
    httpclient (2.8.3)
    httpx (0.23.3)
      http-2-next (>= 0.4.1)
    json (2.6.3)
    json (2.6.3-java)
    language_server-protocol (3.17.0.3)
    library_stdnums (1.6.0)
    lint_roller (1.0.0)
    llhttp-ffi (0.4.0)
      ffi-compiler (~> 1.0)
      rake (~> 13.0)
    marc (1.2.0)
      rexml
      scrub_rb (>= 1.0.1, < 2)
      unf
    marc-fastxmlwriter (1.1.0)
      marc (~> 1.0)
    marc_alephsequential (2.0.0)
      marc (~> 1)
      yell (~> 2)
    match_map (3.0.0)
    method_source (1.0.0)
    nokogiri (1.16.2-arm64-darwin)
      racc (~> 1.4)
    nokogiri (1.16.2-java)
      racc (~> 1.4)
    nokogiri (1.16.2-x86_64-linux)
      racc (~> 1.4)
    parallel (1.23.0)
    parser (3.2.2.1)
      ast (~> 2.4.1)
    pry (0.14.2)
      coderay (~> 1.1)
      method_source (~> 1.0)
    pry (0.14.2-java)
      coderay (~> 1.1)
      method_source (~> 1.0)
      spoon (~> 0.0)
    public_suffix (5.0.1)
    racc (1.7.3)
    racc (1.7.3-java)
    rainbow (3.1.1)
    rake (13.0.6)
    regexp_parser (2.8.0)
    rexml (3.2.8)
      strscan (>= 3.0.9)
    rsolr (2.5.0)
      builder (>= 2.1.2)
      faraday (>= 0.9, < 3, != 2.0.0)
    rspec (3.12.0)
      rspec-core (~> 3.12.0)
      rspec-expectations (~> 3.12.0)
      rspec-mocks (~> 3.12.0)
    rspec-core (3.12.2)
      rspec-support (~> 3.12.0)
    rspec-expectations (3.12.3)
      diff-lcs (>= 1.2.0, < 2.0)
      rspec-support (~> 3.12.0)
    rspec-mocks (3.12.5)
      diff-lcs (>= 1.2.0, < 2.0)
      rspec-support (~> 3.12.0)
    rspec-support (3.12.0)
    rubocop (1.50.2)
      json (~> 2.3)
      parallel (~> 1.10)
      parser (>= 3.2.0.0)
      rainbow (>= 2.2.2, < 4.0)
      regexp_parser (>= 1.8, < 3.0)
      rexml (>= 3.2.5, < 4.0)
      rubocop-ast (>= 1.28.0, < 2.0)
      ruby-progressbar (~> 1.7)
      unicode-display_width (>= 2.4.0, < 3.0)
    rubocop-ast (1.29.0)
      parser (>= 3.2.1.0)
    rubocop-performance (1.16.0)
      rubocop (>= 1.7.0, < 2.0)
      rubocop-ast (>= 0.4.0)
    ruby-progressbar (1.13.0)
    ruby2_keywords (0.0.5)
    scrub_rb (1.0.1)
    semantic_logger (4.13.0)
      concurrent-ruby (~> 1.0)
    sequel (5.69.0)
    simplecov (0.22.0)
      docile (~> 1.1)
      simplecov-html (~> 0.11)
      simplecov_json_formatter (~> 0.1)
    simplecov-html (0.12.3)
    simplecov-lcov (0.8.0)
    simplecov_json_formatter (0.1.4)
    slop (4.10.1)
    spoon (0.0.6)
      ffi
    standard (1.28.5)
      language_server-protocol (~> 3.17.0.2)
      lint_roller (~> 1.0)
      rubocop (~> 1.50.2)
      standard-custom (~> 1.0.0)
      standard-performance (~> 1.0.1)
    standard-custom (1.0.0)
      lint_roller (~> 1.0)
    standard-performance (1.0.1)
      lint_roller (~> 1.0)
      rubocop-performance (~> 1.16.0)
    strscan (3.1.0)
    strscan (3.1.0-java)
    thor (1.2.2)
    traject (3.8.2)
      concurrent-ruby (>= 0.8.0)
      dot-properties (>= 0.1.1)
      hashie (>= 3.1, < 6)
      http (>= 3.0, < 6)
      httpclient (~> 2.5)
      marc (~> 1.0)
      marc-fastxmlwriter (~> 1.0)
      nokogiri (~> 1.9)
      slop (~> 4.0)
      yell
    traject_alephsequential_reader (1.1.2)
      marc (~> 1)
      marc_alephsequential (~> 2)
      yell
    traject_umich_format (0.4.4)
    unf (0.1.4)
      unf_ext
    unf (0.1.4-java)
    unf_ext (0.0.8.2)
    unicode-display_width (2.4.2)
    yell (2.2.2)
    zinzout (0.1.1)

PLATFORMS
  arm64-darwin-22
  universal-java-17
  x86_64-linux

DEPENDENCIES
  bundler (~> 2.0)
  canister (~> 0.9.2)
  date_named_file
  dotenv
  http (~> 5.0)
  httpclient
  httpx
  library_stdnums
  marc-fastxmlwriter (~> 1.1)
  match_map
  pry
  rake (~> 13.0)
  rsolr
  rspec
  semantic_logger
  sequel
  simplecov
  simplecov-lcov
  standard
  thor
  traject (~> 3.0)
  traject_alephsequential_reader
  traject_umich_format
  yell
  zinzout

BUNDLED WITH
   2.4.17
